PATH
  remote: .
  specs:
    gnuside-custom_fields (2.3.2.1)
      activesupport (>= 4.0.0)
      money (~> 5.0)
      mongoid (>= 4.0.0.alpha1)

GEM
  remote: https://rubygems.org/
  specs:
    RedCloth (4.2.9)
    SystemTimer (1.2.3)
    activemodel (4.0.2)
      activesupport (= 4.0.2)
      builder (~> 3.1.0)
    activesupport (4.0.2)
      i18n (~> 0.6, >= 0.6.4)
      minitest (~> 4.2)
      multi_json (~> 1.3)
      thread_safe (~> 0.1)
      tzinfo (~> 0.3.37)
    atomic (1.1.14)
    bson (2.0.0)
    builder (3.1.4)
    coderay (1.1.0)
    connection_pool (1.2.0)
    database_cleaner (0.9.1)
    diff-lcs (1.2.5)
    i18n (0.6.9)
    json (1.7.7)
    method_source (0.8.2)
    minitest (4.7.5)
    mocha (0.9.12)
    money (5.1.1)
      i18n (~> 0.6.0)
    mongoid (4.0.0.alpha1)
      activemodel (~> 4.0.0)
      moped (~> 2.0.beta4)
      origin (~> 1.0)
      tzinfo (~> 0.3.37)
    moped (2.0.0.beta4)
      bson (~> 2.0)
      connection_pool (~> 1.2)
      optionable (~> 0.2.0)
    multi_json (1.8.2)
    optionable (0.2.0)
    origin (1.1.0)
    pry (0.9.12.4)
      coderay (~> 1.0)
      method_source (~> 0.8)
      slop (~> 3.4)
    rake (10.1.0)
    rspec (2.14.1)
      rspec-core (~> 2.14.0)
      rspec-expectations (~> 2.14.0)
      rspec-mocks (~> 2.14.0)
    rspec-core (2.14.7)
    rspec-expectations (2.14.4)
      diff-lcs (>= 1.1.3, < 2.0)
    rspec-mocks (2.14.4)
    simplecov (0.6.4)
      multi_json (~> 1.0)
      simplecov-html (~> 0.5.3)
    simplecov-html (0.5.3)
    slop (3.4.7)
    thread_safe (0.1.3)
      atomic
    tzinfo (0.3.38)
    yard (0.7.5)

PLATFORMS
  ruby

DEPENDENCIES
  RedCloth (~> 4.2.8)
  SystemTimer
  database_cleaner (~> 0.9.1)
  gnuside-custom_fields!
  json (~> 1.7.7)
  mocha (~> 0.9.12)
  pry
  rake
  rspec (~> 2.6)
  simplecov (~> 0.6.1)
  yard (~> 0.7.3)
